GEM
  remote: https://rubygems.org/
  specs:
    chronic_duration (0.10.6)
      numerizer (~> 0.1.1)
    domain_name (0.5.20190701)
      unf (>= 0.0.5, < 1.0.0)
    http-cookie (1.0.3)
      domain_name (~> 0.5)
    json (2.2.0)
    mime-types (3.2.2)
      mime-types-data (~> 3.2015)
    mime-types-data (3.2019.0331)
    mixlib-cli (1.7.0)
    netrc (0.11.0)
    numerizer (0.1.1)
    rest-client (2.0.2)
      http-cookie (>= 1.0.2, < 2.0)
      mime-types (>= 1.16, < 4.0)
      netrc (~> 0.8)
    sensu-plugin (2.7.1)
      json (< 3.0.0)
      mixlib-cli (~> 1.5)
    sensu-plugins-sensu (4.3.0)
      chronic_duration (= 0.10.6)
      rest-client (= 2.0.2)
      sensu-plugin (~> 2.6)
    unf (0.1.4)
      unf_ext
    unf_ext (0.0.7.6)

PLATFORMS
  ruby

DEPENDENCIES
  sensu-plugins-sensu

BUNDLED WITH
   1.17.2
