GEM
  remote: https://rubygems.org/
  specs:
    amq-protocol (2.0.1)
    amqp (1.6.0)
      amq-protocol (>= 2.0.1)
      eventmachine
    aws-sdk (2.10.20)
      aws-sdk-resources (= 2.10.20)
    aws-sdk-core (2.10.20)
      aws-sigv4 (~> 1.0)
      jmespath (~> 1.0)
    aws-sdk-resources (2.10.20)
      aws-sdk-core (= 2.10.20)
    aws-sigv4 (1.0.1)
    bunny (2.5.0)
      amq-protocol (>= 2.0.1)
    carrot-top (0.0.7)
      json
    cause (0.1)
    childprocess (0.5.8)
      ffi (~> 1.0, >= 1.0.11)
    dentaku (1.2.6)
    domain_name (0.5.20170404)
      unf (>= 0.0.5, < 1.0.0)
    em-http-server (0.1.8)
      eventmachine
    em-worker (0.0.2)
      eventmachine
    english (0.6.3)
      language
    eventmachine (1.2.2)
    ffi (1.9.18)
    http-cookie (1.0.3)
      domain_name (~> 0.5)
    influxdb (0.2.2)
      cause
      json
    inifile (3.0.0)
    jmespath (1.3.1)
    json (1.8.6)
    jsonpath (0.5.7)
      multi_json
    language (0.6.0)
    mime-types (2.99.3)
    mixlib-cli (1.7.0)
    multi_json (1.12.1)
    netrc (0.11.0)
    oj (2.18.1)
    parse-cron (0.1.4)
    redis (3.3.3)
    rest-client (1.8.0)
      http-cookie (>= 1.0.2, < 2.0)
      mime-types (>= 1.16, < 3.0)
      netrc (~> 0.7)
    rubyipmi (0.10.0)
    sensu (1.0.2)
      em-http-server (= 0.1.8)
      eventmachine (= 1.2.2)
      parse-cron (= 0.1.4)
      sensu-extension (= 1.5.1)
      sensu-extensions (= 1.9.0)
      sensu-json (= 2.1.0)
      sensu-logger (= 1.2.1)
      sensu-redis (= 2.2.0)
      sensu-settings (= 10.3.0)
      sensu-spawn (= 2.2.1)
      sensu-transport (= 7.0.2)
    sensu-extension (1.5.1)
      eventmachine
    sensu-extensions (1.9.0)
      sensu-extension
      sensu-extensions-check-dependencies (= 1.0.1)
      sensu-extensions-debug (= 1.0.0)
      sensu-extensions-json (= 1.0.0)
      sensu-extensions-occurrences (= 1.2.0)
      sensu-extensions-only-check-output (= 1.0.0)
      sensu-extensions-ruby-hash (= 1.0.0)
      sensu-json (>= 1.1.0)
      sensu-logger
      sensu-settings
    sensu-extensions-check-dependencies (1.0.1)
      sensu-extension
    sensu-extensions-debug (1.0.0)
      sensu-extension
    sensu-extensions-json (1.0.0)
      sensu-extension
    sensu-extensions-occurrences (1.2.0)
      sensu-extension
    sensu-extensions-only-check-output (1.0.0)
      sensu-extension
    sensu-extensions-ruby-hash (1.0.0)
      sensu-extension
    sensu-json (2.1.0)
      oj (= 2.18.1)
    sensu-logger (1.2.1)
      eventmachine
      sensu-json
    sensu-plugin (1.2.0)
      json
      mixlib-cli (>= 1.1.0)
    sensu-plugins-disk-checks (2.4.0)
      sensu-plugin (~> 1.2)
      sys-filesystem (= 1.1.7)
    sensu-plugins-http (2.5.0)
      aws-sdk (~> 2.3)
      rest-client (= 1.8.0)
      sensu-plugin (~> 1.2)
    sensu-plugins-influxdb (0.0.7)
      dentaku (= 1.2.6)
      influxdb (= 0.2.2)
      jsonpath (= 0.5.7)
      sensu-plugin (~> 1.2)
    sensu-plugins-ipmi (1.0.0)
      rubyipmi (= 0.10.0)
      sensu-plugin (= 1.2.0)
    sensu-plugins-logs (1.2.0)
      sensu-plugin (~> 1.2)
    sensu-plugins-rabbitmq (3.2.0)
      amq-protocol (= 2.0.1)
      bunny (= 2.5.0)
      carrot-top (= 0.0.7)
      inifile (= 3.0.0)
      rest-client (= 1.8.0)
      sensu-plugin (~> 1.2)
      stomp (= 1.4.3)
    sensu-plugins-redis (2.0.0)
      redis (~> 3.3)
      sensu-plugin (~> 1.2)
    sensu-plugins-sensu (1.1.0)
      english (= 0.6.3)
      rest-client (= 1.8.0)
      sensu-plugin (~> 1.2)
    sensu-plugins-snmp (1.0.0)
      sensu-plugin (~> 1.2)
      snmp (= 1.2.0)
    sensu-plugins-systemd (0.0.5)
      sensu-plugin (~> 1.2)
    sensu-redis (2.2.0)
      eventmachine
    sensu-settings (10.3.0)
      parse-cron
      sensu-json (>= 1.1.0)
    sensu-spawn (2.2.1)
      childprocess (= 0.5.8)
      em-worker (= 0.0.2)
      eventmachine
    sensu-transport (7.0.2)
      amq-protocol (= 2.0.1)
      amqp (= 1.6.0)
      eventmachine
      sensu-redis (>= 1.0.0)
    snmp (1.2.0)
    stomp (1.4.3)
    sys-filesystem (1.1.7)
      ffi
    unf (0.1.4)
      unf_ext
    unf_ext (0.0.7.4)

PLATFORMS
  ruby

DEPENDENCIES
  sensu
  sensu-plugins-disk-checks
  sensu-plugins-http
  sensu-plugins-influxdb
  sensu-plugins-ipmi
  sensu-plugins-logs
  sensu-plugins-rabbitmq
  sensu-plugins-redis
  sensu-plugins-sensu
  sensu-plugins-snmp
  sensu-plugins-systemd

BUNDLED WITH
   1.15.3
