GIT
  remote: git://github.com/speartail/sensu-plugins-ipmi.git
  revision: 53eb752b6835d82ea7b8ece3e56b974dc22ef54c
  ref: 53eb752b6835d82ea7b8ece3e56b974dc22ef54c
  specs:
    sensu-plugins-ipmi (1.0.1)
      rubyipmi (= 0.10.0)
      sensu-plugin (~> 1.2)

GIT
  remote: git://github.com/speartail/sensu-plugins-network-checks.git
  revision: 88b4fd6f55a5b219f4ca2612793f9870f7ac5653
  branch: fixes
  specs:
    sensu-plugins-network-checks (3.1.2)
      activesupport (~> 4.2)
      dnsbl-client (= 1.0.2)
      net-ping (= 1.7.8)
      sensu-plugin (~> 1.2)
      whois (>= 4.0)
      whois-parser (~> 1.1.0)

GIT
  remote: git://github.com/speartail/whois-parser.git
  revision: d58794309aa1edf7a2ad0b97c239cee3522e9ebe
  branch: fixes
  specs:
    whois-parser (1.1.0.1)
      activesupport (>= 4)
      whois (>= 4.0.6)

GEM
  remote: https://rubygems.org/
  specs:
    activesupport (4.2.10)
      i18n (~> 0.7)
      minitest (~> 5.1)
      thread_safe (~> 0.3, >= 0.3.4)
      tzinfo (~> 1.1)
    addressable (2.5.2)
      public_suffix (>= 2.0.2, < 4.0)
    amq-protocol (2.0.1)
    amqp (1.6.0)
      amq-protocol (>= 2.0.1)
      eventmachine
    aws-sdk (2.11.123)
      aws-sdk-resources (= 2.11.123)
    aws-sdk-core (2.11.123)
      aws-sigv4 (~> 1.0)
      jmespath (~> 1.0)
    aws-sdk-resources (2.11.123)
      aws-sdk-core (= 2.11.123)
    aws-ses (0.6.0)
      builder
      mail (> 2.2.5)
      mime-types
      xml-simple
    aws-sigv4 (1.0.3)
    builder (3.2.3)
    bunny (2.5.0)
      amq-protocol (>= 2.0.1)
    carrot-top (0.0.7)
      json
    cause (0.1)
    childprocess (0.5.8)
      ffi (~> 1.0, >= 1.0.11)
    chronic_duration (0.10.6)
      numerizer (~> 0.1.1)
    concurrent-ruby (1.0.5)
    cookiejar (0.3.3)
    dentaku (2.0.9)
    dnsbl-client (1.0.2)
    dnsruby (1.61.2)
      addressable (~> 2.5)
    domain_name (0.5.20180417)
      unf (>= 0.0.5, < 1.0.0)
    em-http-request (1.1.5)
      addressable (>= 2.3.4)
      cookiejar (!= 0.3.1)
      em-socksify (>= 0.3)
      eventmachine (>= 1.0.3)
      http_parser.rb (>= 0.6.0)
    em-http-server (0.1.8)
      eventmachine
    em-socksify (0.3.2)
      eventmachine (>= 1.0.0.beta.4)
    em-worker (0.0.2)
      eventmachine
    english (0.6.3)
      language
    erubis (2.7.0)
    eventmachine (1.2.5)
    ffi (1.9.21)
    history (0.3.0)
    http-cookie (1.0.3)
      domain_name (~> 0.5)
    http_parser.rb (0.6.0)
    i18n (0.9.5)
      concurrent-ruby (~> 1.0)
    influxdb (0.3.13)
      cause
      json
    inifile (3.0.0)
    jmespath (1.4.0)
    json (1.8.6)
    jsonpath (0.5.8)
      multi_json
    language (0.6.0)
    mail (2.6.3)
      mime-types (>= 1.16, < 3)
    mailgun-ruby (1.0.3)
      json (~> 1.8)
      rest-client (~> 1.6)
    mime-types (2.99.3)
    minitest (5.11.3)
    mixlib-cli (1.7.0)
    multi_json (1.13.1)
    net-ping (1.7.8)
    netrc (0.11.0)
    numerizer (0.1.1)
    oj (2.18.1)
    parse-cron (0.1.4)
    public_suffix (3.0.3)
    redis (3.3.5)
    rest-client (1.8.0)
      http-cookie (>= 1.0.2, < 2.0)
      mime-types (>= 1.16, < 3.0)
      netrc (~> 0.7)
    ruby-ntlm (0.0.3)
    ruby_dig (0.0.2)
    rubyipmi (0.10.0)
    sensu (1.5.0)
      em-http-request (= 1.1.5)
      em-http-server (= 0.1.8)
      eventmachine (= 1.2.5)
      parse-cron (= 0.1.4)
      sensu-extension (= 1.5.2)
      sensu-extensions (= 1.10.0)
      sensu-json (= 2.1.1)
      sensu-logger (= 1.2.2)
      sensu-redis (= 2.3.0)
      sensu-settings (= 10.14.0)
      sensu-spawn (= 2.5.0)
      sensu-transport (= 7.1.0)
    sensu-extension (1.5.2)
      eventmachine
    sensu-extensions (1.10.0)
      sensu-extension
      sensu-extensions-check-dependencies (= 1.1.0)
      sensu-extensions-debug (= 1.0.0)
      sensu-extensions-json (= 1.0.0)
      sensu-extensions-occurrences (= 1.2.0)
      sensu-extensions-only-check-output (= 1.0.0)
      sensu-extensions-ruby-hash (= 1.0.0)
      sensu-json (>= 1.1.0)
      sensu-logger
      sensu-settings
    sensu-extensions-check-dependencies (1.1.0)
      sensu-extension
    sensu-extensions-debug (1.0.0)
      sensu-extension
    sensu-extensions-influxdb2 (0.1.1)
      em-http-request (~> 1.1)
      multi_json
      sensu-extension
    sensu-extensions-json (1.0.0)
      sensu-extension
    sensu-extensions-occurrences (1.2.0)
      sensu-extension
    sensu-extensions-only-check-output (1.0.0)
      sensu-extension
    sensu-extensions-ruby-hash (1.0.0)
      sensu-extension
    sensu-extensions-snmp-trap (0.1.0)
      sensu-extension
      snmp (= 1.2.0)
    sensu-extensions-system-profile (1.0.0)
      sensu-extension
    sensu-json (2.1.1)
      oj (= 2.18.1)
    sensu-logger (1.2.2)
      eventmachine
      sensu-json
    sensu-plugin (1.4.5)
      json (< 2.0.0)
      mixlib-cli (>= 1.5.0)
    sensu-plugins-cgroups (1.1.0)
      sensu-plugin (~> 1.2)
    sensu-plugins-disk-checks (3.1.0)
      sensu-plugin (~> 1.2)
      sys-filesystem (= 1.1.7)
    sensu-plugins-dns (2.1.0)
      dnsruby (~> 1.59, >= 1.59.2)
      sensu-plugin (~> 1.2)
      whois (~> 4.0)
      whois-parser (~> 1.0)
    sensu-plugins-http (2.5.0)
      aws-sdk (~> 2.3)
      rest-client (= 1.8.0)
      sensu-plugin (~> 1.2)
    sensu-plugins-influxdb (1.3.0)
      dentaku (= 2.0.9)
      influxdb (= 0.3.13)
      jsonpath (= 0.5.8)
      sensu-plugin (~> 1.3)
    sensu-plugins-load-checks (4.0.2)
      sensu-plugin (~> 1.2)
    sensu-plugins-logs (1.3.2)
      sensu-plugin (~> 1.2)
    sensu-plugins-mailer (2.0.1)
      aws-ses (= 0.6.0)
      erubis (= 2.7.0)
      mail (= 2.6.3)
      mailgun-ruby (= 1.0.3)
      ruby-ntlm (= 0.0.3)
      sensu-plugin (~> 1.2)
    sensu-plugins-pushover (1.0.0)
      sensu-plugin (~> 1.2)
    sensu-plugins-rabbitmq (4.1.1)
      amq-protocol (= 2.0.1)
      bunny (= 2.5.0)
      carrot-top (= 0.0.7)
      inifile (= 3.0.0)
      rest-client (= 1.8.0)
      ruby_dig (= 0.0.2)
      sensu-plugin (~> 1.2)
      stomp (= 1.4.3)
    sensu-plugins-raid-checks (2.0.2)
      english (= 0.6.3)
      sensu-plugin (~> 1.2)
    sensu-plugins-redis (3.0.1)
      redis (~> 3.3)
      sensu-plugin (~> 1.2)
    sensu-plugins-sensu (2.5.0)
      chronic_duration (= 0.10.6)
      rest-client (= 1.8.0)
      sensu-plugin (~> 1.2)
    sensu-plugins-snmp (2.1.0)
      sensu-plugin (~> 1.2)
      snmp (= 1.2.0)
    sensu-plugins-systemd (0.1.0)
      sensu-plugin (~> 1.2)
    sensu-plugins-uptime-checks (2.0.0)
      sensu-plugin (~> 1.2)
    sensu-redis (2.3.0)
      eventmachine
    sensu-settings (10.14.0)
      parse-cron
      sensu-json (>= 1.1.0)
    sensu-spawn (2.5.0)
      childprocess (= 0.5.8)
      em-worker (= 0.0.2)
      eventmachine
      ffi (= 1.9.21)
    sensu-transport (7.1.0)
      amq-protocol (= 2.0.1)
      amqp (= 1.6.0)
      eventmachine
      sensu-redis (>= 1.0.0)
    snmp (1.2.0)
    stomp (1.4.3)
    sys-filesystem (1.1.7)
      ffi
    thread_safe (0.3.6)
    tzinfo (1.2.5)
      thread_safe (~> 0.1)
    unf (0.1.4)
      unf_ext
    unf_ext (0.0.7.5)
    whois (4.0.7)
    xml-simple (1.1.5)

PLATFORMS
  ruby

DEPENDENCIES
  history
  sensu
  sensu-extensions-check-dependencies
  sensu-extensions-influxdb2
  sensu-extensions-snmp-trap
  sensu-extensions-system-profile
  sensu-plugins-cgroups
  sensu-plugins-disk-checks
  sensu-plugins-dns
  sensu-plugins-http
  sensu-plugins-influxdb
  sensu-plugins-ipmi!
  sensu-plugins-load-checks
  sensu-plugins-logs
  sensu-plugins-mailer
  sensu-plugins-network-checks!
  sensu-plugins-pushover
  sensu-plugins-rabbitmq
  sensu-plugins-raid-checks
  sensu-plugins-redis
  sensu-plugins-sensu
  sensu-plugins-snmp
  sensu-plugins-systemd
  sensu-plugins-uptime-checks
  whois-parser!

BUNDLED WITH
   1.16.3
