GEM
  remote: https://rubygems.org/
  specs:
    amq-protocol (2.0.1)
    bunny (2.6.4)
      amq-protocol (>= 2.0.1)
    carrot-top (0.0.7)
      json
    domain_name (0.5.20190701)
      unf (>= 0.0.5, < 1.0.0)
    http-cookie (1.0.3)
      domain_name (~> 0.5)
    inifile (3.0.0)
    json (2.2.0)
    mime-types (3.2.2)
      mime-types-data (~> 3.2015)
    mime-types-data (3.2019.0331)
    mixlib-cli (1.7.0)
    netrc (0.11.0)
    rest-client (2.0.2)
      http-cookie (>= 1.0.2, < 2.0)
      mime-types (>= 1.16, < 4.0)
      netrc (~> 0.8)
    ruby_dig (0.0.2)
    sensu-plugin (4.0.0)
      json (< 3.0.0)
      mixlib-cli (~> 1.5)
    sensu-plugins-rabbitmq (8.0.0)
      amq-protocol (= 2.0.1)
      bunny (= 2.6.4)
      carrot-top (= 0.0.7)
      inifile (= 3.0.0)
      rest-client (= 2.0.2)
      ruby_dig (= 0.0.2)
      sensu-plugin (~> 4.0)
      stomp (= 1.4.7)
    stomp (1.4.7)
    unf (0.1.4)
      unf_ext
    unf_ext (0.0.7.6)

PLATFORMS
  ruby

DEPENDENCIES
  sensu-plugins-rabbitmq

BUNDLED WITH
   1.17.2
