GEM
  remote: https://rubygems.org/
  specs:
    httparty (0.17.0)
      mime-types (~> 3.0)
      multi_xml (>= 0.5.2)
    json (2.2.0)
    mime-types (3.2.2)
      mime-types-data (~> 3.2015)
    mime-types-data (3.2019.0331)
    mixlib-cli (1.7.0)
    multi_xml (0.6.0)
    sensu-plugin (3.0.1)
      json (< 3.0.0)
      mixlib-cli (~> 1.5)
    sensu-plugins-ubiquiti (3.0.0)
      sensu-plugin (~> 3.0)
      unifi-api (= 0.1.2)
    unifi-api (0.1.2)
      httparty (~> 0)

PLATFORMS
  ruby

DEPENDENCIES
  sensu-plugins-ubiquiti

BUNDLED WITH
   1.17.2
