GEM
  remote: https://rubygems.org/
  specs:
    json (1.8.6)
    mixlib-cli (1.7.0)
    net-sftp (2.1.0)
      net-ssh (>= 2.6.4)
    net-ssh (5.2.0)
    sensu-plugin (1.4.7)
      json (< 2.0.0)
      mixlib-cli (~> 1.5)
    sensu-plugins-sftp (1.0.1)
      net-sftp (= 2.1.0)
      sensu-plugin (~> 1.2)

PLATFORMS
  ruby

DEPENDENCIES
  sensu-plugins-sftp

BUNDLED WITH
   1.17.2
