GEM
  remote: https://rubygems.org/
  specs:
    asetus (0.3.0)
    net-ssh (5.2.0)
    net-telnet (0.1.1)
    oxidized (0.26.3)
      asetus (~> 0.1)
      net-ssh (~> 5)
      net-telnet (~> 0.1.1)
      rugged (~> 0.21, >= 0.21.4)
      slop (~> 3.5)
    oxidized-script (0.6.0)
      oxidized (~> 0.25)
      slop (~> 3.5)
    rugged (0.99.0)
    slop (3.6.0)

PLATFORMS
  x86_64-linux

DEPENDENCIES
  oxidized-script (= 0.6.0)

BUNDLED WITH
   2.2.20
