GEM
  remote: https://rubygems.org/
  specs:
    aws-eventstream (1.0.3)
    aws-sdk (2.11.317)
      aws-sdk-resources (= 2.11.317)
    aws-sdk-core (2.11.317)
      aws-sigv4 (~> 1.0)
      jmespath (~> 1.0)
    aws-sdk-resources (2.11.317)
      aws-sdk-core (= 2.11.317)
    aws-sigv4 (1.1.0)
      aws-eventstream (~> 1.0, >= 1.0.2)
    domain_name (0.5.20190701)
      unf (>= 0.0.5, < 1.0.0)
    http-cookie (1.0.3)
      domain_name (~> 0.5)
    jmespath (1.4.0)
    json (2.2.0)
    mime-types (3.2.2)
      mime-types-data (~> 3.2015)
    mime-types-data (3.2019.0331)
    mixlib-cli (1.7.0)
    netrc (0.11.0)
    oj (2.18.5)
    rest-client (2.0.2)
      http-cookie (>= 1.0.2, < 2.0)
      mime-types (>= 1.16, < 4.0)
      netrc (~> 0.8)
    sensu-plugin (4.0.0)
      json (< 3.0.0)
      mixlib-cli (~> 1.5)
    sensu-plugins-http (5.1.1)
      aws-sdk (~> 2.3)
      oj (~> 2.18)
      rest-client (~> 2.0.2)
      sensu-plugin (~> 4.0)
    unf (0.1.4)
      unf_ext
    unf_ext (0.0.7.6)

PLATFORMS
  ruby

DEPENDENCIES
  sensu-plugins-http

BUNDLED WITH
   1.17.2
