GEM
  remote: https://rubygems.org/
  specs:
    json (1.8.6)
    mixlib-cli (1.7.0)
    sensu-plugin (1.4.7)
      json (< 2.0.0)
      mixlib-cli (~> 1.5)
    sensu-plugins-snmp (2.1.0)
      sensu-plugin (~> 1.2)
      snmp (= 1.2.0)
    snmp (1.2.0)

PLATFORMS
  ruby

DEPENDENCIES
  sensu-plugins-snmp

BUNDLED WITH
   1.17.2
